PATH
  remote: .
  specs:
    fatsecret-models (0.1.2)
      active_attr
      json (~> 1.5)

GEM
  remote: http://rubygems.org/
  specs:
    active_attr (0.6.0)
      activesupport (>= 3.0.2, < 4.1)
    activesupport (3.2.8)
      i18n (~> 0.6)
      multi_json (~> 1.0)
    builder (3.0.0)
    diff-lcs (1.1.3)
    fakeweb (1.3.0)
    i18n (0.6.0)
    json (1.7.5)
    multi_json (1.3.6)
    rake (0.9.2.2)
    rspec (2.11.0)
      rspec-core (~> 2.11.0)
      rspec-expectations (~> 2.11.0)
      rspec-mocks (~> 2.11.0)
    rspec-core (2.11.1)
    rspec-expectations (2.11.2)
      diff-lcs (~> 1.1.3)
    rspec-mocks (2.11.2)
    vcr (2.2.4)

PLATFORMS
  ruby

DEPENDENCIES
  fakeweb
  fatsecret-models!
  rake
  rspec
  vcr
